PATH
  remote: vendor/ruby-homebus
  specs:
    homebus (0.1.5)

GEM
  remote: https://rubygems.org/
  specs:
    dotenv (2.4.0)
    mqtt (0.5.0)

PLATFORMS
  ruby

DEPENDENCIES
  dotenv
  homebus!
  mqtt

BUNDLED WITH
   1.16.1
