GIT
  remote: git@github.com:HomeBusProjects/ruby-homebus-application
  revision: 44834e453a8d2c1c9009364dd5e72994f1a386b3
  specs:
    homebus_app (0.9.6)
      dotenv
      mqtt

GIT
  remote: https://github.com/HomeBusProjects/ruby-homebus
  revision: 64d64f26adf2e82d4c8cb7219bdd534f2275f817
  specs:
    homebus (0.3.1)

GEM
  remote: https://rubygems.org/
  specs:
    dotenv (2.7.6)
    mqtt (0.5.0)

PLATFORMS
  ruby

DEPENDENCIES
  dotenv
  homebus!
  homebus_app!
  mqtt

BUNDLED WITH
   1.17.2
