GIT
  remote: https://github.com/HomeBusProjects/ruby-homebus
  revision: 0546f6673fcd47ccc39e91ff930bfe747825143a
  specs:
    homebus (0.10.11)

GEM
  remote: https://rubygems.org/
  specs:
    dotenv (2.7.6)
    mqtt (0.5.0)

PLATFORMS
  arm64-darwin-20

DEPENDENCIES
  dotenv
  homebus!
  mqtt

BUNDLED WITH
   2.2.31
