GIT
  remote: git@github.com:HomeBusProjects/ruby-homebus-application
  revision: e6ce79e7392d4328556249f248b2779e5e78d087
  specs:
    homebus_app (0.0.16)
      dotenv
      mqtt

GIT
  remote: https://github.com/HomeBusProjects/ruby-homebus
  revision: 64d64f26adf2e82d4c8cb7219bdd534f2275f817
  specs:
    homebus (0.3.1)

GEM
  remote: https://rubygems.org/
  specs:
    dotenv (2.7.2)
    mqtt (0.5.0)

PLATFORMS
  ruby

DEPENDENCIES
  dotenv
  homebus!
  homebus_app!
  mqtt

BUNDLED WITH
   1.16.2
