GIT
  remote: git@github.com:romkey/ruby-homebus.git
  revision: 7a61fc2ce6f3e666ed13d38956d30d46cb450001
  specs:
    homebus (0.2.0)

GEM
  remote: https://rubygems.org/
  specs:
    dotenv (2.4.0)
    mqtt (0.5.0)

PLATFORMS
  ruby

DEPENDENCIES
  dotenv
  homebus!
  mqtt

BUNDLED WITH
   1.16.1
